GEM
  remote: https://rubygems.org/
  specs:
    base64 (0.2.0)
    csv (3.2.8)
    faraday (2.7.12)
      base64
      faraday-net_http (>= 2.0, < 3.1)
      ruby2_keywords (>= 0.0.4)
    faraday-net_http (3.0.2)
    json (2.7.1)
    nokogiri (1.15.5-x86_64-linux)
      racc (~> 1.4)
    pathname (0.3.0)
    racc (1.7.3)
    ruby2_keywords (0.0.5)
    yaml (0.3.0)
    zip (2.0.2)

PLATFORMS
  x86_64-linux

DEPENDENCIES
  csv
  faraday
  json
  nokogiri
  pathname
  yaml
  zip

BUNDLED WITH
   2.4.22
